GEM
  remote: https://rubygems.org/
  specs:
    byebug (4.0.5)
      columnize (= 0.9.0)
    columnize (0.9.0)
    plist (3.1.0)
    ruby-filemagic (0.6.3)
    thor (0.19.1)

PLATFORMS
  ruby

DEPENDENCIES
  byebug
  plist
  ruby-filemagic
  thor
