GEM
  remote: https://rubygems.org/
  specs:
    plist (3.1.0)
    thor (0.19.1)

PLATFORMS
  ruby

DEPENDENCIES
  plist
  thor
