GEM
  remote: https://rubygems.org/
  specs:
    plist (3.1.0)
    ruby-filemagic (0.6.3)
    thor (0.19.1)

PLATFORMS
  ruby

DEPENDENCIES
  plist
  ruby-filemagic
  thor
